GIT
  remote: git://github.com/DatabaseCleaner/database_cleaner.git
  revision: bef9fe27e7fdf470b737c4f9140c7f029f81b607
  specs:
    database_cleaner (1.4.0)

GIT
  remote: git://github.com/avdi/naught.git
  revision: ee4c8b412e65224401aee15d901bbb7d0f0821e4
  specs:
    naught (1.0.0)

GIT
  remote: git://github.com/ctran/annotate_models.git
  revision: 038b13c04e575cc0f0c89c702c994166c7dc9955
  specs:
    annotate (2.6.5)
      activerecord (>= 2.3.0)
      rake (>= 0.8.7)

GIT
  remote: git://github.com/danmayer/churn.git
  revision: aaa7f90329da5e572e9b4729ca84aa9ea4f2471f
  specs:
    churn (1.0.2)
      chronic (>= 0.2.3)
      hirb
      json_pure
      main
      rest-client (>= 1.6.0)
      ruby_parser (~> 3.0)
      sexp_processor (~> 4.1)

GIT
  remote: git://github.com/fuksito/markdown-toolbar.git
  revision: cd72f70a29cc7ff10f254e01d5dd7324f24ddad9
  specs:
    markdown-toolbar (1.0.0)

GIT
  remote: git://github.com/modeset/teaspoon.git
  revision: 83440f080185d495e48dfc35420cffeb8596c7b1
  specs:
    teaspoon (0.8.0)
      railties (>= 3.2.5, < 5)

GIT
  remote: git://github.com/mojombo/chronic.git
  revision: 1b93e33592c388ca098cce3b28df064cd0d12061
  specs:
    chronic (0.10.2)
      numerizer (~> 0.2)

GIT
  remote: git://github.com/petergoldstein/friendly_id.git
  revision: 64a37ddddff3235a1bdfd6996071eb9c35bdad2d
  ref: 64a37ddddf
  specs:
    friendly_id (5.1.0.beta.1)
      activerecord (>= 4.0.0)

GIT
  remote: git://github.com/slim-template/slim-rails.git
  revision: f84707c10ae9018b9e654852e73e272884e27de1
  specs:
    slim-rails (3.0.1)
      actionmailer (>= 3.1, < 5.0)
      actionpack (>= 3.1, < 5.0)
      activesupport (>= 3.1, < 5.0)
      railties (>= 3.1, < 5.0)
      slim (~> 3.0)

PATH
  remote: lib/newpoc-action-post-index
  specs:
    newpoc-action-post-index (0.0.1)
      wisper (~> 1.6)

PATH
  remote: lib/newpoc-action-post-new
  specs:
    newpoc-action-post-new (0.0.1)
      wisper (~> 1.6)
      yajl-ruby (>= 1.2.1)

PATH
  remote: lib/newpoc-action-session-create
  specs:
    newpoc-action-session-create (0.0.1)
      activesupport (~> 4.0)
      wisper (~> 1.6)

PATH
  remote: lib/newpoc-action-session-destroy
  specs:
    newpoc-action-session-destroy (0.0.1)
      wisper (~> 1.6)

PATH
  remote: lib/newpoc-action-session-new
  specs:
    newpoc-action-session-new (0.0.1)
      wisper (~> 1.6)
      yajl-ruby (>= 1.2.1)

PATH
  remote: lib/newpoc-action-user-index
  specs:
    newpoc-action-user-index (0.0.1)
      wisper (~> 1.6)

PATH
  remote: lib/newpoc-action-user-new
  specs:
    newpoc-action-user-new (0.0.1)
      wisper (~> 1.6)
      yajl-ruby (>= 1.2.1)

PATH
  remote: lib/newpoc-entity-post
  specs:
    newpoc-entity-post (0.0.4)
      active_attr (>= 0.8.5)
      gemoji (>= 2.1.0)
      github-linguist (>= 4.2.5)
      github-markdown (>= 0.6.0)
      html-pipeline (>= 0.11.0)
      nokogiri (>= 1.6.5)
      pygments.rb
      rinku (>= 1.7.3)
      sanitize (>= 3.1.0)

PATH
  remote: lib/newpoc-entity-user
  specs:
    newpoc-entity-user (0.0.2)
      activemodel (>= 3.2)
      validates_email_format_of (>= 1.6.1)

PATH
  remote: lib/newpoc-repository-base
  specs:
    newpoc-repository-base (0.0.4)
      activemodel (> 3.2)

PATH
  remote: lib/newpoc-services-markdown_html_converter
  specs:
    newpoc-services-markdown_html_converter (0.0.2)
      gemoji (~> 2.1)
      github-linguist (~> 4.2, >= 4.2.5)
      github-markdown (~> 0.6, >= 0.6.8)
      html-pipeline (~> 1.11)
      pygments.rb (~> 0.5, >= 0.5.4)
      rinku (~> 1.7, >= 1.7.3)
      sanitize (~> 3.1)
      yajl-ruby (~> 1.1)

GEM
  remote: https://rubygems.org/
  remote: https://rails-assets.org/
  specs:
    abstract_type (0.0.7)
    actionmailer (4.2.0)
      actionpack (= 4.2.0)
      actionview (= 4.2.0)
      activejob (= 4.2.0)
      mail (~> 2.5, >= 2.5.4)
      rails-dom-testing (~> 1.0, >= 1.0.5)
    actionpack (4.2.0)
      actionview (= 4.2.0)
      activesupport (= 4.2.0)
      rack (~> 1.6.0)
      rack-test (~> 0.6.2)
      rails-dom-testing (~> 1.0, >= 1.0.5)
      rails-html-sanitizer (~> 1.0, >= 1.0.1)
    actionview (4.2.0)
      activesupport (= 4.2.0)
      builder (~> 3.1)
      erubis (~> 2.7.0)
      rails-dom-testing (~> 1.0, >= 1.0.5)
      rails-html-sanitizer (~> 1.0, >= 1.0.1)
    active_attr (0.8.5)
      activemodel (>= 3.0.2, < 5.0)
      activesupport (>= 3.0.2, < 5.0)
    activejob (4.2.0)
      activesupport (= 4.2.0)
      globalid (>= 0.3.0)
    activemodel (4.2.0)
      activesupport (= 4.2.0)
      builder (~> 3.1)
    activerecord (4.2.0)
      activemodel (= 4.2.0)
      activesupport (= 4.2.0)
      arel (~> 6.0)
    activesupport (4.2.0)
      i18n (~> 0.7)
      json (~> 1.7, >= 1.7.7)
      minitest (~> 5.1)
      thread_safe (~> 0.3, >= 0.3.4)
      tzinfo (~> 1.1)
    adamantium (0.2.0)
      ice_nine (~> 0.11.0)
      memoizable (~> 0.4.0)
    ansi (1.5.0)
    arel (6.0.0)
    arrayfields (4.9.2)
    ast (2.0.0)
    astrolabe (1.3.0)
      parser (>= 2.2.0.pre.3, < 3.0)
    awesome_print (1.6.1)
    bcrypt (3.1.10)
    bcrypt-ruby (3.1.5)
      bcrypt (>= 3.1.3)
    binding_of_caller (0.7.2)
      debug_inspector (>= 0.0.1)
    builder (3.2.2)
    bullet (4.14.3)
      activesupport (>= 3.0.0)
      uniform_notifier (>= 1.6.0)
    byebug (3.5.1)
      columnize (~> 0.8)
      debugger-linecache (~> 1.2)
      slop (~> 3.6)
    callsite (0.0.11)
    capybara (2.4.4)
      mime-types (>= 1.16)
      nokogiri (>= 1.3.3)
      rack (>= 1.0.0)
      rack-test (>= 0.5.4)
      xpath (~> 2.0)
    capybara-webkit (1.4.1)
      capybara (>= 2.3.0, < 2.5.0)
      json
    charlock_holmes (0.7.3)
    code_analyzer (0.4.5)
      sexp_processor
    coderay (1.1.0)
    coffee-rails (4.1.0)
      coffee-script (>= 2.2.0)
      railties (>= 4.0.0, < 5.0)
    coffee-script (2.3.0)
      coffee-script-source
      execjs
    coffee-script-source (1.9.0)
    colored (1.2)
    columnize (0.9.0)
    concord (0.1.5)
      adamantium (~> 0.2.0)
      equalizer (~> 0.0.9)
    crass (1.0.1)
    daemons (1.1.9)
    debug_inspector (0.0.2)
    debugger-linecache (1.2.0)
    diff-lcs (1.2.5)
    docile (1.1.5)
    equalizer (0.0.9)
    erubis (2.7.0)
    escape_utils (1.0.1)
    eventmachine (1.0.4)
    execjs (2.2.2)
    factory_girl (4.5.0)
      activesupport (>= 3.0.0)
    factory_girl_rails (4.5.0)
      factory_girl (~> 4.5.0)
      railties (>= 3.0.0)
    fancy-open-struct (0.4.0)
      awesome_print
    fattr (2.2.2)
    flay (2.6.1)
      ruby_parser (~> 3.0)
      sexp_processor (~> 4.0)
    flog (4.3.2)
      ruby_parser (~> 3.1, > 3.1.0)
      sexp_processor (~> 4.4)
    gemoji (2.1.0)
    github-linguist (4.3.0)
      charlock_holmes (~> 0.7.3)
      escape_utils (~> 1.0.1)
      mime-types (>= 1.19)
      rugged (~> 0.22.0b4)
    github-markdown (0.6.8)
    globalid (0.3.0)
      activesupport (>= 4.1.0)
    hike (1.2.3)
    hirb (0.7.3)
    html-pipeline (1.11.0)
      activesupport (>= 2)
      nokogiri (~> 1.4)
    htmlentities (4.3.3)
    i18n (0.7.0)
    ice_nine (0.11.1)
    interception (0.5)
    jbuilder (2.2.6)
      activesupport (>= 3.0.0, < 5)
      multi_json (~> 1.2)
    jquery-rails (4.0.3)
      rails-dom-testing (~> 1.0)
      railties (>= 4.2.0)
      thor (>= 0.14, < 2.0)
    json (1.8.2)
    json_pure (1.8.2)
    loofah (2.0.1)
      nokogiri (>= 1.5.9)
    macaddr (1.7.1)
      systemu (~> 2.6.2)
    mail (2.6.3)
      mime-types (>= 1.16, < 3)
    main (6.1.0)
      arrayfields (>= 4.7.4)
      chronic (>= 0.6.2)
      fattr (>= 2.2.0)
      map (>= 5.1.0)
    map (6.5.5)
    memoizable (0.4.2)
      thread_safe (~> 0.3, >= 0.3.1)
    meta_request (0.3.4)
      callsite (~> 0.0, >= 0.0.11)
      rack-contrib (~> 1.1)
      railties (>= 3.0.0, < 5.0.0)
    method_source (0.8.2)
    metric_fu-Saikuro (1.1.3)
    mime-types (2.4.3)
    mini_portile (0.6.2)
    minitest (5.5.1)
    multi_json (1.10.1)
    netrc (0.10.2)
    nokogiri (1.6.6.2)
      mini_portile (~> 0.6.0)
    nokogumbo (1.2.0)
      nokogiri
    numerizer (0.2.0)
    parser (2.2.0.2)
      ast (>= 1.1, < 3.0)
    pg (0.18.1)
    posix-spawn (0.3.9)
    powerpack (0.0.9)
    procto (0.0.2)
    pry (0.10.1)
      coderay (~> 1.1.0)
      method_source (~> 0.8.1)
      slop (~> 3.4)
    pry-byebug (2.0.0)
      byebug (~> 3.4)
      pry (~> 0.10)
    pry-doc (0.6.0)
      pry (~> 0.9)
      yard (~> 0.8)
    pry-highlight (0.1.0)
      coderay
      json
      nokogiri
      pry
    pry-rails (0.3.2)
      pry (>= 0.9.10)
    pry-rescue (1.4.1)
      interception (>= 0.5)
      pry
    pry-stack_explorer (0.4.9.1)
      binding_of_caller (>= 0.7)
      pry (>= 0.9.11)
    pry-theme (1.1.3)
      coderay (~> 1.1)
      json (~> 1.8)
    pygments.rb (0.6.2)
      posix-spawn (~> 0.3.6)
      yajl-ruby (~> 1.2.0)
    quiet_assets (1.1.0)
      railties (>= 3.1, < 5.0)
    rack (1.6.0)
    rack-contrib (1.2.0)
      rack (>= 0.9.1)
    rack-test (0.6.3)
      rack (>= 1.0)
    rails (4.2.0)
      actionmailer (= 4.2.0)
      actionpack (= 4.2.0)
      actionview (= 4.2.0)
      activejob (= 4.2.0)
      activemodel (= 4.2.0)
      activerecord (= 4.2.0)
      activesupport (= 4.2.0)
      bundler (>= 1.3.0, < 2.0)
      railties (= 4.2.0)
      sprockets-rails
    rails-assets-bootstrap (3.2.0)
      rails-assets-jquery (>= 1.9.0)
    rails-assets-bootswatch (3.2.0.4)
      rails-assets-bootstrap (~> 3.2.0)
    rails-assets-jquery (2.1.3)
    rails-assets-sugar (1.4.2)
    rails-assets-underscore (1.7.0)
    rails-deprecated_sanitizer (1.0.3)
      activesupport (>= 4.2.0.alpha)
    rails-dom-testing (1.0.5)
      activesupport (>= 4.2.0.beta, < 5.0)
      nokogiri (~> 1.6.0)
      rails-deprecated_sanitizer (>= 1.0.1)
    rails-footnotes (4.1.4)
      rails (>= 3.2)
    rails-html-sanitizer (1.0.1)
      loofah (~> 2.0)
    rails_best_practices (1.15.4)
      activesupport
      awesome_print
      code_analyzer (>= 0.4.3)
      colored
      erubis
      i18n
      json
      require_all
      ruby-progressbar
    railties (4.2.0)
      actionpack (= 4.2.0)
      activesupport (= 4.2.0)
      rake (>= 0.8.7)
      thor (>= 0.18.1, < 2.0)
    rainbow (2.0.0)
    rake (10.4.2)
    rdoc (4.2.0)
      json (~> 1.4)
    reek (1.6.4)
      parser (~> 2.2.0.pre.7)
      rainbow (>= 1.99, < 3.0)
      unparser (~> 0.2.2)
    require_all (1.3.2)
    rest-client (1.7.2)
      mime-types (>= 1.16, < 3.0)
      netrc (~> 0.7)
    rinku (1.7.3)
    roodi (4.1.1)
      ruby_parser (~> 3.2, >= 3.2.2)
    rspec (3.1.0)
      rspec-core (~> 3.1.0)
      rspec-expectations (~> 3.1.0)
      rspec-mocks (~> 3.1.0)
    rspec-collection_matchers (1.1.2)
      rspec-expectations (>= 2.99.0.beta1)
    rspec-core (3.1.7)
      rspec-support (~> 3.1.0)
    rspec-expectations (3.1.2)
      diff-lcs (>= 1.2.0, < 2.0)
      rspec-support (~> 3.1.0)
    rspec-html-matchers (0.6.1)
      nokogiri (~> 1)
      rspec (~> 3)
    rspec-http (0.11.0)
      rack (~> 1.0)
      rspec (~> 3.0)
    rspec-mocks (3.1.3)
      rspec-support (~> 3.1.0)
    rspec-rails (3.1.0)
      actionpack (>= 3.0)
      activesupport (>= 3.0)
      railties (>= 3.0)
      rspec-core (~> 3.1.0)
      rspec-expectations (~> 3.1.0)
      rspec-mocks (~> 3.1.0)
      rspec-support (~> 3.1.0)
    rspec-support (3.1.2)
    rubocop (0.28.0)
      astrolabe (~> 1.3)
      parser (>= 2.2.0.pre.7, < 3.0)
      powerpack (~> 0.0.6)
      rainbow (>= 1.99.1, < 3.0)
      ruby-progressbar (~> 1.4)
    ruby-growl (4.1)
      uuid (~> 2.3, >= 2.3.5)
    ruby-progressbar (1.7.1)
    ruby_parser (3.6.4)
      sexp_processor (~> 4.1)
    rugged (0.22.0b5)
    sanitize (3.1.0)
      crass (~> 1.0.1)
      nokogiri (>= 1.4.4)
      nokogumbo (= 1.2.0)
    sass (3.4.11)
    sass-rails (5.0.1)
      railties (>= 4.0.0, < 5.0)
      sass (~> 3.1)
      sprockets (>= 2.8, < 4.0)
      sprockets-rails (>= 2.0, < 4.0)
      tilt (~> 1.1)
    sdoc (0.4.1)
      json (~> 1.7, >= 1.7.7)
      rdoc (~> 4.0)
    sexp_processor (4.4.5)
    simplecov (0.9.1)
      docile (~> 1.1.0)
      multi_json (~> 1.0)
      simplecov-html (~> 0.8.0)
    simplecov-html (0.8.0)
    slim (3.0.1)
      temple (~> 0.7.3)
      tilt (>= 1.3.3, < 2.1)
    slop (3.6.0)
    spring (1.2.0)
    sprockets (2.12.3)
      hike (~> 1.2)
      multi_json (~> 1.0)
      rack (~> 1.0)
      tilt (~> 1.1, != 1.3.0)
    sprockets-rails (2.2.4)
      actionpack (>= 3.0)
      activesupport (>= 3.0)
      sprockets (>= 2.8, < 4.0)
    systemu (2.6.4)
    tapout (0.4.5)
      ansi
      json
    temple (0.7.5)
    thin (1.6.3)
      daemons (~> 1.0, >= 1.0.9)
      eventmachine (~> 1.0)
      rack (~> 1.0)
    thor (0.19.1)
    thread_safe (0.3.4)
    tilt (1.4.1)
    tzinfo (1.2.2)
      thread_safe (~> 0.1)
    uglifier (2.7.0)
      execjs (>= 0.3.0)
      json (>= 1.8.0)
    uniform_notifier (1.6.2)
    unparser (0.2.2)
      abstract_type (~> 0.0.7)
      adamantium (~> 0.2.0)
      concord (~> 0.1.5)
      diff-lcs (~> 1.2.5)
      equalizer (~> 0.0.9)
      parser (~> 2.2.0.2)
      procto (~> 0.0.2)
    uuid (2.3.7)
      macaddr (~> 1.0)
    validates_email_format_of (1.6.1)
      i18n
    web-console (2.0.0)
      activemodel (~> 4.0)
      binding_of_caller (>= 0.7.2)
      railties (~> 4.0)
      sprockets-rails (>= 2.0, < 4.0)
    wisper (1.6.0)
    wisper_subscription (0.2.0)
    xpath (2.0.0)
      nokogiri (~> 1.3)
    yajl-ruby (1.2.1)
    yard (0.8.7.6)

PLATFORMS
  ruby

DEPENDENCIES
  active_attr
  annotate!
  awesome_print
  bcrypt-ruby
  binding_of_caller
  bullet
  capybara
  capybara-webkit
  chronic!
  churn!
  coffee-rails
  database_cleaner!
  factory_girl_rails
  fancy-open-struct
  flay
  flog
  friendly_id!
  htmlentities
  jbuilder
  jquery-rails
  markdown-toolbar!
  meta_request
  metric_fu-Saikuro
  naught!
  newpoc-action-post-index!
  newpoc-action-post-new!
  newpoc-action-session-create!
  newpoc-action-session-destroy!
  newpoc-action-session-new!
  newpoc-action-user-index!
  newpoc-action-user-new!
  newpoc-entity-post!
  newpoc-entity-user!
  newpoc-repository-base!
  newpoc-services-markdown_html_converter!
  pg
  pry
  pry-byebug
  pry-doc
  pry-highlight
  pry-rails
  pry-rescue
  pry-stack_explorer
  pry-theme
  quiet_assets
  rails (= 4.2.0)
  rails-assets-bootstrap (~> 3.2.0)
  rails-assets-bootswatch (~> 3.2.0)
  rails-assets-sugar
  rails-assets-underscore
  rails-footnotes
  rails_best_practices
  reek
  roodi
  rspec
  rspec-collection_matchers
  rspec-html-matchers
  rspec-http
  rspec-rails
  rubocop
  ruby-growl
  sass-rails
  sdoc
  simplecov
  slim-rails!
  spring
  tapout
  teaspoon!
  thin
  uglifier
  validates_email_format_of
  web-console
  wisper
  wisper_subscription (>= 0.2.0)
  yajl-ruby
