GIT
  remote: git://github.com/avdi/naught.git
  revision: ee4c8b412e65224401aee15d901bbb7d0f0821e4
  specs:
    naught (1.0.0)

GIT
  remote: git://github.com/ctran/annotate_models.git
  revision: 52ffefcbe4e89cb172e2007eda0f74ac40798727
  specs:
    annotate (2.6.8)
      activerecord (>= 3.2, <= 4.3)
      rake (~> 10.4)

GIT
  remote: git://github.com/danmayer/churn.git
  revision: aaa7f90329da5e572e9b4729ca84aa9ea4f2471f
  specs:
    churn (1.0.2)
      chronic (>= 0.2.3)
      hirb
      json_pure
      main
      rest-client (>= 1.6.0)
      ruby_parser (~> 3.0)
      sexp_processor (~> 4.1)

GIT
  remote: git://github.com/fuksito/markdown-toolbar.git
  revision: cd72f70a29cc7ff10f254e01d5dd7324f24ddad9
  specs:
    markdown-toolbar (1.0.0)

GIT
  remote: git://github.com/mojombo/chronic.git
  revision: 1b93e33592c388ca098cce3b28df064cd0d12061
  specs:
    chronic (0.10.2)
      numerizer (~> 0.2)

GIT
  remote: git://github.com/slim-template/slim-rails.git
  revision: 7f2a0542f8dacb3fb661c08a004cefc83c4684a2
  specs:
    slim-rails (3.0.1)
      actionmailer (>= 3.1, < 5.0)
      actionpack (>= 3.1, < 5.0)
      activesupport (>= 3.1, < 5.0)
      railties (>= 3.1, < 5.0)
      slim (~> 3.0)

GEM
  remote: https://rubygems.org/
  remote: https://rails-assets.org/
  specs:
    abstract_type (0.0.7)
    actionmailer (4.2.1)
      actionpack (= 4.2.1)
      actionview (= 4.2.1)
      activejob (= 4.2.1)
      mail (~> 2.5, >= 2.5.4)
      rails-dom-testing (~> 1.0, >= 1.0.5)
    actionpack (4.2.1)
      actionview (= 4.2.1)
      activesupport (= 4.2.1)
      rack (~> 1.6)
      rack-test (~> 0.6.2)
      rails-dom-testing (~> 1.0, >= 1.0.5)
      rails-html-sanitizer (~> 1.0, >= 1.0.1)
    actionview (4.2.1)
      activesupport (= 4.2.1)
      builder (~> 3.1)
      erubis (~> 2.7.0)
      rails-dom-testing (~> 1.0, >= 1.0.5)
      rails-html-sanitizer (~> 1.0, >= 1.0.1)
    active_attr (0.8.5)
      activemodel (>= 3.0.2, < 5.0)
      activesupport (>= 3.0.2, < 5.0)
    activejob (4.2.1)
      activesupport (= 4.2.1)
      globalid (>= 0.3.0)
    activemodel (4.2.1)
      activesupport (= 4.2.1)
      builder (~> 3.1)
    activerecord (4.2.1)
      activemodel (= 4.2.1)
      activesupport (= 4.2.1)
      arel (~> 6.0)
    activesupport (4.2.1)
      i18n (~> 0.7)
      json (~> 1.7, >= 1.7.7)
      minitest (~> 5.1)
      thread_safe (~> 0.3, >= 0.3.4)
      tzinfo (~> 1.1)
    adamantium (0.2.0)
      ice_nine (~> 0.11.0)
      memoizable (~> 0.4.0)
    ansi (1.5.0)
    arel (6.0.0)
    arrayfields (4.9.2)
    ast (2.0.0)
    astrolabe (1.3.0)
      parser (>= 2.2.0.pre.3, < 3.0)
    awesome_print (1.6.1)
    bcrypt (3.1.10)
    bcrypt-ruby (3.1.5)
      bcrypt (>= 3.1.3)
    binding_of_caller (0.7.2)
      debug_inspector (>= 0.0.1)
    builder (3.2.2)
    byebug (4.0.5)
      columnize (= 0.9.0)
    capybara (2.4.4)
      mime-types (>= 1.16)
      nokogiri (>= 1.3.3)
      rack (>= 1.0.0)
      rack-test (>= 0.5.4)
      xpath (~> 2.0)
    capybara-webkit (1.5.1)
      capybara (>= 2.3.0, < 2.5.0)
      json
    charlock_holmes (0.7.3)
    code_analyzer (0.4.5)
      sexp_processor
    codeclimate-test-reporter (0.4.7)
      simplecov (>= 0.7.1, < 1.0.0)
    coderay (1.1.0)
    coffee-rails (4.1.0)
      coffee-script (>= 2.2.0)
      railties (>= 4.0.0, < 5.0)
    coffee-script (2.4.1)
      coffee-script-source
      execjs
    coffee-script-source (1.9.1.1)
    colored (1.2)
    columnize (0.9.0)
    concord (0.1.5)
      adamantium (~> 0.2.0)
      equalizer (~> 0.0.9)
    daemons (1.2.2)
    database_cleaner (1.4.1)
    debug_inspector (0.0.2)
    diff-lcs (1.2.5)
    docile (1.1.5)
    domain_name (0.5.24)
      unf (>= 0.0.5, < 1.0.0)
    equalizer (0.0.11)
    erubis (2.7.0)
    escape_utils (1.1.0)
    eventmachine (1.0.7)
    execjs (2.5.2)
    factory_girl (4.5.0)
      activesupport (>= 3.0.0)
    factory_girl_rails (4.5.0)
      factory_girl (~> 4.5.0)
      railties (>= 3.0.0)
    fancy-open-struct (0.4.0)
      awesome_print
    fattr (2.2.2)
    flay (2.6.1)
      ruby_parser (~> 3.0)
      sexp_processor (~> 4.0)
    flog (4.3.2)
      ruby_parser (~> 3.1, > 3.1.0)
      sexp_processor (~> 4.4)
    friendly_id (5.1.0)
      activerecord (>= 4.0.0)
    gemoji (2.1.0)
    github-linguist (4.5.4)
      charlock_holmes (~> 0.7.3)
      escape_utils (~> 1.1.0)
      mime-types (>= 1.19)
      rugged (~> 0.23.0b1)
    github-markdown (0.6.8)
    globalid (0.3.5)
      activesupport (>= 4.1.0)
    hirb (0.7.3)
    html-pipeline (1.11.0)
      activesupport (>= 2)
      nokogiri (~> 1.4)
    htmlentities (4.3.3)
    http-cookie (1.0.2)
      domain_name (~> 0.5)
    i18n (0.7.0)
    ice_nine (0.11.1)
    interception (0.5)
    jquery-rails (4.0.3)
      rails-dom-testing (~> 1.0)
      railties (>= 4.2.0)
      thor (>= 0.14, < 2.0)
    json (1.8.2)
    json_pure (1.8.2)
    loofah (2.0.1)
      nokogiri (>= 1.5.9)
    macaddr (1.7.1)
      systemu (~> 2.6.2)
    mail (2.6.3)
      mime-types (>= 1.16, < 3)
    main (6.1.0)
      arrayfields (>= 4.7.4)
      chronic (>= 0.6.2)
      fattr (>= 2.2.0)
      map (>= 5.1.0)
    map (6.5.5)
    memoizable (0.4.2)
      thread_safe (~> 0.3, >= 0.3.1)
    method_source (0.8.2)
    metric_fu-Saikuro (1.1.3)
    mime-types (2.5)
    mini_portile (0.6.2)
    minitest (5.6.1)
    netrc (0.10.3)
    nokogiri (1.6.6.2)
      mini_portile (~> 0.6.0)
    numerizer (0.2.0)
    parser (2.2.0.4)
      ast (>= 1.1, < 3.0)
    pg (0.18.1)
    posix-spawn (0.3.11)
    powerpack (0.1.0)
    procto (0.0.2)
    pry (0.10.1)
      coderay (~> 1.1.0)
      method_source (~> 0.8.1)
      slop (~> 3.4)
    pry-byebug (3.1.0)
      byebug (~> 4.0)
      pry (~> 0.10)
    pry-doc (0.6.0)
      pry (~> 0.9)
      yard (~> 0.8)
    pry-highlight (0.1.0)
      coderay
      json
      nokogiri
      pry
    pry-rails (0.3.4)
      pry (>= 0.9.10)
    pry-rescue (1.4.1)
      interception (>= 0.5)
      pry
    pry-stack_explorer (0.4.9.2)
      binding_of_caller (>= 0.7)
      pry (>= 0.9.11)
    pry-theme (1.1.3)
      coderay (~> 1.1)
      json (~> 1.8)
    pygments.rb (0.6.3)
      posix-spawn (~> 0.3.6)
      yajl-ruby (~> 1.2.0)
    quiet_assets (1.1.0)
      railties (>= 3.1, < 5.0)
    rack (1.6.0)
    rack-test (0.6.3)
      rack (>= 1.0)
    rails (4.2.1)
      actionmailer (= 4.2.1)
      actionpack (= 4.2.1)
      actionview (= 4.2.1)
      activejob (= 4.2.1)
      activemodel (= 4.2.1)
      activerecord (= 4.2.1)
      activesupport (= 4.2.1)
      bundler (>= 1.3.0, < 2.0)
      railties (= 4.2.1)
      sprockets-rails
    rails-assets-bootstrap (3.2.0)
      rails-assets-jquery (>= 1.9.0)
    rails-assets-bootswatch (3.2.0.4)
      rails-assets-bootstrap (~> 3.2.0)
    rails-assets-jquery (2.1.3)
    rails-assets-sugar (1.4.1)
    rails-assets-underscore (1.8.3)
    rails-deprecated_sanitizer (1.0.3)
      activesupport (>= 4.2.0.alpha)
    rails-dom-testing (1.0.6)
      activesupport (>= 4.2.0.beta, < 5.0)
      nokogiri (~> 1.6.0)
      rails-deprecated_sanitizer (>= 1.0.1)
    rails-footnotes (4.1.6)
      rails (>= 3.2)
    rails-html-sanitizer (1.0.2)
      loofah (~> 2.0)
    rails_best_practices (1.15.7)
      activesupport
      code_analyzer (>= 0.4.3)
      colored
      erubis
      i18n
      json
      require_all
      ruby-progressbar
    railties (4.2.1)
      actionpack (= 4.2.1)
      activesupport (= 4.2.1)
      rake (>= 0.8.7)
      thor (>= 0.18.1, < 2.0)
    rainbow (2.0.0)
    rake (10.4.2)
    rdoc (4.2.0)
    reek (2.1.0)
      parser (~> 2.2)
      rainbow (~> 2.0)
      require_all (~> 1.3)
      unparser (~> 0.2.2)
    repository-base (0.3.1)
      repository-support (>= 0.0.3)
    repository-support (0.0.4)
      activemodel (~> 4.2, >= 4.2.0)
    require_all (1.3.2)
    rest-client (1.8.0)
      http-cookie (>= 1.0.2, < 2.0)
      mime-types (>= 1.16, < 3.0)
      netrc (~> 0.7)
    rinku (1.7.3)
    roodi (4.1.1)
      ruby_parser (~> 3.2, >= 3.2.2)
    rspec (3.2.0)
      rspec-core (~> 3.2.0)
      rspec-expectations (~> 3.2.0)
      rspec-mocks (~> 3.2.0)
    rspec-collection_matchers (1.1.2)
      rspec-expectations (>= 2.99.0.beta1)
    rspec-core (3.2.3)
      rspec-support (~> 3.2.0)
    rspec-expectations (3.2.1)
      diff-lcs (>= 1.2.0, < 2.0)
      rspec-support (~> 3.2.0)
    rspec-html-matchers (0.7.0)
      nokogiri (~> 1)
      rspec (~> 3)
    rspec-http (0.11.0)
      rack (~> 1.0)
      rspec (~> 3.0)
    rspec-mocks (3.2.1)
      diff-lcs (>= 1.2.0, < 2.0)
      rspec-support (~> 3.2.0)
    rspec-rails (3.2.1)
      actionpack (>= 3.0, < 4.3)
      activesupport (>= 3.0, < 4.3)
      railties (>= 3.0, < 4.3)
      rspec-core (~> 3.2.0)
      rspec-expectations (~> 3.2.0)
      rspec-mocks (~> 3.2.0)
      rspec-support (~> 3.2.0)
    rspec-support (3.2.2)
    rubocop (0.30.0)
      astrolabe (~> 1.3)
      parser (>= 2.2.0.1, < 3.0)
      powerpack (~> 0.1)
      rainbow (>= 1.99.1, < 3.0)
      ruby-progressbar (~> 1.4)
    ruby-growl (4.1)
      uuid (~> 2.3, >= 2.3.5)
    ruby-progressbar (1.7.5)
    ruby_parser (3.6.6)
      sexp_processor (~> 4.1)
    rugged (0.23.0b1)
    sanitizer (0.2.1)
      htmlentities (~> 4.3.0)
    sass (3.4.13)
    sass-rails (5.0.3)
      railties (>= 4.0.0, < 5.0)
      sass (~> 3.1)
      sprockets (>= 2.8, < 4.0)
      sprockets-rails (>= 2.0, < 4.0)
      tilt (~> 1.1)
    sdoc (0.4.1)
      json (~> 1.7, >= 1.7.7)
      rdoc (~> 4.0)
    sexp_processor (4.5.1)
    simplecov (0.10.0)
      docile (~> 1.1.0)
      json (~> 1.8)
      simplecov-html (~> 0.10.0)
    simplecov-html (0.10.0)
    slim (3.0.3)
      temple (~> 0.7.3)
      tilt (>= 1.3.3, < 2.1)
    slop (3.6.0)
    spring (1.3.4)
    sprockets (3.0.3)
      rack (~> 1.0)
    sprockets-rails (2.2.4)
      actionpack (>= 3.0)
      activesupport (>= 3.0)
      sprockets (>= 2.8, < 4.0)
    systemu (2.6.5)
    tapout (0.4.5)
      ansi
      json
    teaspoon (0.9.1)
      railties (>= 3.2.5, < 5)
    temple (0.7.5)
    thin (1.6.3)
      daemons (~> 1.0, >= 1.0.9)
      eventmachine (~> 1.0)
      rack (~> 1.0)
    thor (0.19.1)
    thread_safe (0.3.5)
    tilt (1.4.1)
    tzinfo (1.2.2)
      thread_safe (~> 0.1)
    uglifier (2.7.1)
      execjs (>= 0.3.0)
      json (>= 1.8.0)
    unf (0.1.4)
      unf_ext
    unf_ext (0.0.7.1)
    unparser (0.2.2)
      abstract_type (~> 0.0.7)
      adamantium (~> 0.2.0)
      concord (~> 0.1.5)
      diff-lcs (~> 1.2.5)
      equalizer (~> 0.0.9)
      parser (~> 2.2.0.2)
      procto (~> 0.0.2)
    uuid (2.3.7)
      macaddr (~> 1.0)
    validates_email_format_of (1.6.2)
      i18n
    value_object (0.1.2)
      activesupport
    web-console (2.1.2)
      activemodel (>= 4.0)
      binding_of_caller (>= 0.7.2)
      railties (>= 4.0)
      sprockets-rails (>= 2.0, < 4.0)
    wisper (1.6.0)
    wisper_subscription (0.2.0)
    xpath (2.0.0)
      nokogiri (~> 1.3)
    yajl-ruby (1.2.1)
    yard (0.8.7.6)

PLATFORMS
  ruby

DEPENDENCIES
  active_attr
  annotate!
  awesome_print
  bcrypt-ruby
  capybara
  capybara-webkit
  chronic!
  churn!
  codeclimate-test-reporter
  coffee-rails
  database_cleaner
  factory_girl_rails
  fancy-open-struct
  flay
  flog
  friendly_id
  gemoji
  github-linguist
  github-markdown
  html-pipeline
  htmlentities
  jquery-rails
  markdown-toolbar!
  metric_fu-Saikuro
  naught!
  pg
  pry
  pry-byebug
  pry-doc
  pry-highlight
  pry-rails
  pry-rescue
  pry-stack_explorer
  pry-theme
  pygments.rb
  quiet_assets
  rails (= 4.2.1)
  rails-assets-bootstrap (~> 3.2.0)!
  rails-assets-bootswatch (~> 3.2.0)!
  rails-assets-sugar!
  rails-assets-underscore!
  rails-footnotes
  rails_best_practices
  reek
  repository-base (>= 0.2.0)
  rinku
  roodi
  rspec
  rspec-collection_matchers
  rspec-html-matchers
  rspec-http
  rspec-rails
  rubocop
  ruby-growl
  sanitizer
  sass-rails
  sdoc
  simplecov
  slim-rails!
  spring
  tapout
  teaspoon
  thin
  uglifier
  validates_email_format_of
  value_object
  web-console
  wisper
  wisper_subscription (>= 0.2.0)
  yajl-ruby
